PATH
  remote: .
  specs:
    uclapi (0.1.0)

GEM
  remote: https://rubygems.org/
  specs:
    addressable (2.5.2)
      public_suffix (>= 2.0.2, < 4.0)
    awesome_print (1.8.0)
    crack (0.4.3)
      safe_yaml (~> 1.0.0)
    hashdiff (0.3.6)
    minitest (5.10.3)
    public_suffix (3.0.0)
    rake (10.5.0)
    safe_yaml (1.0.4)
    webmock (3.0.1)
      addressable (>= 2.3.6)
      crack (>= 0.3.2)
      hashdiff

PLATFORMS
  ruby

DEPENDENCIES
  awesome_print (~> 1.8.0)
  bundler (~> 1.16.a)
  minitest
  rake (~> 10.0)
  uclapi!
  webmock

BUNDLED WITH
   1.16.0.pre.3
